GIT
  remote: git://github.com/mongoid/mongoid.git
  revision: b85e0a1220b9b8e01c3874814845efaaf9bdf54f
  branch: 4.0.0-dev
  specs:
    mongoid (4.0.0)
      activemodel (= 4.0.0.beta)
      moped (~> 1.2)
      origin (~> 1.0)
      tzinfo (~> 0.3.22)

GIT
  remote: git://github.com/rails/activerecord-deprecated_finders.git
  revision: 2c4ebb2e79095efdd189c08861e3e7f694c52215
  specs:
    activerecord-deprecated_finders (0.0.1)

GIT
  remote: git://github.com/rails/arel.git
  revision: 38d0a222e275d917a2c1d093b24457bafb600a00
  specs:
    arel (3.0.2.20120819075748)

GIT
  remote: git://github.com/rails/coffee-rails.git
  revision: 052634e6d02d4800d7b021201cc8d5829775b3cd
  specs:
    coffee-rails (4.0.0.beta)
      coffee-script (>= 2.2.0)
      railties (>= 4.0.0.beta, < 5.0)

GIT
  remote: git://github.com/rails/rails.git
  revision: c1d722558ee2bd373ca4768c48b8ae944e1bdb05
  specs:
    actionmailer (4.0.0.beta)
      actionpack (= 4.0.0.beta)
      mail (~> 2.5.3)
    actionpack (4.0.0.beta)
      activesupport (= 4.0.0.beta)
      builder (~> 3.1.0)
      erubis (~> 2.7.0)
      rack (~> 1.4.3)
      rack-test (~> 0.6.1)
    activemodel (4.0.0.beta)
      activesupport (= 4.0.0.beta)
      builder (~> 3.1.0)
    activerecord (4.0.0.beta)
      activemodel (= 4.0.0.beta)
      activerecord-deprecated_finders (= 0.0.1)
      activesupport (= 4.0.0.beta)
      arel (~> 3.0.2)
    activesupport (4.0.0.beta)
      i18n (~> 0.6)
      minitest (~> 4.1)
      multi_json (~> 1.3)
      thread_safe (~> 0.1)
      tzinfo (~> 0.3.33)
    rails (4.0.0.beta)
      actionmailer (= 4.0.0.beta)
      actionpack (= 4.0.0.beta)
      activerecord (= 4.0.0.beta)
      activesupport (= 4.0.0.beta)
      bundler (>= 1.2.2, < 2.0)
      railties (= 4.0.0.beta)
      sprockets-rails (~> 2.0.0.rc1)
    railties (4.0.0.beta)
      actionpack (= 4.0.0.beta)
      activesupport (= 4.0.0.beta)
      rake (>= 0.8.7)
      rdoc (~> 3.4)
      thor (>= 0.15.4, < 2.0)

GIT
  remote: git://github.com/rails/sass-rails.git
  revision: ae8138a89cac397c0df903dd533e2862902ce8f5
  specs:
    sass-rails (4.0.0.beta)
      railties (>= 4.0.0.beta, < 5.0)
      sass (>= 3.1.10)
      sprockets-rails (~> 2.0.0.rc0)
      tilt (~> 1.3)

GIT
  remote: git://github.com/rails/sprockets-rails.git
  revision: 09917104fdb42245fe369612a7b0e3d77e1ba763
  specs:
    sprockets-rails (2.0.0.rc1)
      actionpack (>= 3.0)
      activesupport (>= 3.0)
      sprockets (~> 2.8)

GIT
  remote: git://github.com/rspec/rspec-rails.git
  revision: 9f463b998b59235db489be910d7ab0197a34034b
  specs:
    rspec-rails (2.12.0)
      actionpack (>= 3.0)
      activesupport (>= 3.0)
      railties (>= 3.0)
      rspec-core (~> 2.12.0)
      rspec-expectations (~> 2.12.0)
      rspec-mocks (~> 2.12.0)

GEM
  remote: https://rubygems.org/
  specs:
    atomic (1.0.1)
    bcrypt-ruby (3.0.1)
    bootstrap-sass (2.2.2.0)
      sass (~> 3.2)
    bson (1.8.1)
    bson_ext (1.8.1)
      bson (~> 1.8.1)
    builder (3.1.4)
    coderay (1.0.8)
    coffee-filter (0.1.1)
      coffee-script (>= 2.2.0)
      haml (>= 3.0.18)
    coffee-script (2.2.0)
      coffee-script-source
      execjs
    coffee-script-source (1.4.0)
    colorize (0.5.8)
    coveralls (0.5.5)
      colorize
      json
      rest-client
      simplecov (>= 0.7)
      thor
    daemons (1.1.9)
    devise (1.5.3)
      bcrypt-ruby (~> 3.0)
      orm_adapter (~> 0.0.3)
      warden (~> 1.1)
    diff-lcs (1.1.3)
    erubis (2.7.0)
    eventmachine (1.0.0)
    execjs (1.4.0)
      multi_json (~> 1.0)
    factory_girl (4.1.0)
      activesupport (>= 3.0.0)
    factory_girl_rails (4.1.0)
      factory_girl (~> 4.1.0)
      railties (>= 3.0.0)
    ffi (1.3.1)
    guard (1.6.1)
      listen (>= 0.6.0)
      lumberjack (>= 1.0.2)
      pry (>= 0.9.10)
      thor (>= 0.14.6)
    guard-rspec (2.3.3)
      guard (>= 1.1)
      rspec (~> 2.11)
    haml (3.1.7)
    haml-rails (0.3.5)
      actionpack (>= 3.1, < 4.1)
      activesupport (>= 3.1, < 4.1)
      haml (~> 3.1)
      railties (>= 3.1, < 4.1)
    hike (1.2.1)
    i18n (0.6.1)
    jquery-rails (2.1.4)
      railties (>= 3.0, < 5.0)
      thor (>= 0.14, < 2.0)
    json (1.7.6)
    libv8 (3.3.10.4)
    listen (0.7.2)
    lumberjack (1.0.2)
    mail (2.5.3)
      i18n (>= 0.4.0)
      mime-types (~> 1.16)
      treetop (~> 1.4.8)
    method_source (0.8.1)
    mime-types (1.19)
    minitest (4.4.0)
    moped (1.3.2)
    multi_json (1.5.0)
    nokogiri (1.5.6)
    origin (1.0.11)
    orm_adapter (0.0.7)
    polyglot (0.3.3)
    pry (0.9.10)
      coderay (~> 1.0.5)
      method_source (~> 0.8)
      slop (~> 3.3.1)
    rack (1.4.3)
    rack-test (0.6.2)
      rack (>= 1.0)
    rake (10.0.3)
    rb-fchange (0.0.6)
      ffi
    rb-fsevent (0.9.3)
    rb-inotify (0.9.0)
      ffi (>= 0.5.0)
    rdoc (3.12)
      json (~> 1.4)
    rest-client (1.6.7)
      mime-types (>= 1.16)
    rspec (2.12.0)
      rspec-core (~> 2.12.0)
      rspec-expectations (~> 2.12.0)
      rspec-mocks (~> 2.12.0)
    rspec-core (2.12.2)
    rspec-expectations (2.12.1)
      diff-lcs (~> 1.1.3)
    rspec-mocks (2.12.1)
    sass (3.2.5)
    simplecov (0.7.1)
      multi_json (~> 1.0)
      simplecov-html (~> 0.7.1)
    simplecov-html (0.7.1)
    slop (3.3.3)
    sprockets (2.8.2)
      hike (~> 1.2)
      multi_json (~> 1.0)
      rack (~> 1.0)
      tilt (~> 1.1, != 1.3.0)
    therubyracer (0.10.2)
      libv8 (~> 3.3.10)
    thin (1.5.0)
      daemons (>= 1.0.9)
      eventmachine (>= 0.12.6)
      rack (>= 1.0.0)
    thor (0.16.0)
    thread_safe (0.1.0)
      atomic
    tilt (1.3.3)
    treetop (1.4.12)
      polyglot
      polyglot (>= 0.3.1)
    turbolinks (1.0.0)
      coffee-rails
    tzinfo (0.3.35)
    uglifier (1.3.0)
      execjs (>= 0.3.0)
      multi_json (~> 1.0, >= 1.0.2)
    warden (1.2.1)
      rack (>= 1.0)

PLATFORMS
  ruby

DEPENDENCIES
  activerecord-deprecated_finders!
  arel!
  bootstrap-sass
  bson_ext
  coffee-filter
  coffee-rails!
  coveralls
  devise
  factory_girl_rails
  guard
  guard-rspec
  haml-rails
  jquery-rails
  libv8 (= 3.3.10.4)
  mongoid!
  nokogiri
  rails!
  rake
  rb-fchange
  rb-fsevent
  rb-inotify
  rspec
  rspec-rails!
  sass-rails!
  sprockets-rails!
  therubyracer (= 0.10.2)
  thin
  turbolinks
  uglifier (>= 1.0.3)
